GIT
  remote: https://github.com/lian/bitcoin-ruby
  revision: 48b8897efae4aeb67eef0c5750ec30fe1478510b
  branch: master
  specs:
    bitcoin-ruby (0.0.18)
      eventmachine
      ffi
      scrypt

GEM
  remote: https://rubygems.org/
  specs:
    axiom-types (0.1.1)
      descendants_tracker (~> 0.0.4)
      ice_nine (~> 0.11.0)
      thread_safe (~> 0.3, >= 0.3.1)
    block_io (1.2.0)
      ecdsa (~> 1.2, >= 1.2.0)
      httpclient (~> 2.8, >= 2.8.0)
      oj (~> 3.3, >= 3.3.5)
      pbkdf2-ruby (~> 0.2, >= 0.2.1)
    byebug (10.0.2)
    coercible (1.0.0)
      descendants_tracker (~> 0.0.1)
    descendants_tracker (0.0.4)
      thread_safe (~> 0.3, >= 0.3.1)
    dotenv (2.1.1)
    ecdsa (1.2.0)
    equalizer (0.0.11)
    eventmachine (1.2.7)
    faraday (0.15.4)
      multipart-post (>= 1.2, < 3)
    ffi (1.9.25)
    ffi-compiler (1.0.1)
      ffi (>= 1.0.0)
      rake
    httpclient (2.8.3)
    ice_nine (0.11.2)
    inflecto (0.0.2)
    multipart-post (2.0.0)
    oj (3.7.4)
    pbkdf2-ruby (0.2.1)
    rake (12.3.2)
    scrypt (3.0.6)
      ffi-compiler (>= 1.0, < 2.0)
    telegram-bot-ruby (0.8.6.1)
      faraday
      inflecto
      virtus
    thread_safe (0.3.6)
    virtus (1.0.5)
      axiom-types (~> 0.1)
      coercible (~> 1.0)
      descendants_tracker (~> 0.0, >= 0.0.3)
      equalizer (~> 0.0, >= 0.0.9)

PLATFORMS
  ruby

DEPENDENCIES
  bitcoin-ruby!
  block_io
  byebug
  dotenv
  telegram-bot-ruby

BUNDLED WITH
   1.16.6
